GEM
  remote: https://rubygems.org/
  specs:
    chronic (0.10.2)
    mini_portile2 (2.0.0)
    nokogiri (1.6.7.2)
      mini_portile2 (~> 2.0.0.rc2)
    rake (11.1.2)
    whenever (0.9.4)
      chronic (>= 0.6.3)

PLATFORMS
  ruby

DEPENDENCIES
  nokogiri
  rake
  whenever

BUNDLED WITH
   1.11.2
